GEM
  remote: https://rubygems.org/
  specs:
    fast_gettext (1.0.0)
    gettext (3.2.1)
      locale (>= 2.0.5)
      text (>= 1.3.0)
    locale (2.1.2)
    rack (1.6.4)
    rack-protection (1.5.3)
      rack
    rake (10.4.2)
    sinatra (1.4.7)
      rack (~> 1.5)
      rack-protection (~> 1.4)
      tilt (>= 1.3, < 3)
    text (1.3.1)
    tilt (2.0.2)

PLATFORMS
  ruby

DEPENDENCIES
  fast_gettext
  gettext (>= 3.0.2)
  rake
  sinatra
